GEM
  remote: https://rubygems.org/
  specs:
    aws-sdk (2.3.12)
      aws-sdk-resources (= 2.3.12)
    aws-sdk-core (2.3.12)
      jmespath (~> 1.0)
    aws-sdk-resources (2.3.12)
      aws-sdk-core (= 2.3.12)
    coderay (1.1.1)
    jmespath (1.2.4)
      json_pure (>= 1.8.1)
    json_pure (1.8.3)
    method_source (0.8.2)
    oauth (0.5.1)
    pry (0.10.3)
      coderay (~> 1.1.0)
      method_source (~> 0.8.1)
      slop (~> 3.4)
    slop (3.6.0)
    twurl (0.9.3)
      oauth (~> 0.4)

PLATFORMS
  ruby

DEPENDENCIES
  aws-sdk
  pry
  twurl

BUNDLED WITH
   1.11.2
